GEM
  remote: https://rubygems.org/
  specs:
    csv (3.1.1)
    fileutils (0.7.2)

PLATFORMS
  ruby

DEPENDENCIES
  csv
  fileutils (~> 0.7.2)

BUNDLED WITH
   2.0.2
